PATH
  remote: .
  specs:
    comcart (0.1.0)

GEM
  remote: https://rubygems.org/
  specs:
    minitest (5.8.3)
    rake (10.4.2)
    rake-compiler (0.9.7)
      rake

PLATFORMS
  ruby

DEPENDENCIES
  bundler (~> 1.11)
  comcart!
  minitest (~> 5.0)
  rake (~> 10.0)
  rake-compiler

BUNDLED WITH
   1.11.2
